PATH
  remote: .
  specs:
    atoh (1.0.0)

GEM
  remote: https://rubygems.org/
  specs:
    rake (13.0.6)

PLATFORMS
  x86_64-darwin-20

DEPENDENCIES
  atoh!
  rake (~> 13.0)

BUNDLED WITH
   2.3.24
